GEM
  remote: http://rubygems.org/
  specs:
    ansi (1.5.0)
    ast (2.4.2)
    builder (3.2.4)
    mini_portile2 (2.5.1)
    minitest (5.14.4)
    minitest-reporters (1.4.3)
      ansi
      builder
      minitest (>= 5.0)
      ruby-progressbar
    nokogiri (1.11.4)
      mini_portile2 (~> 2.5.0)
      racc (~> 1.4)
    nokogiri (1.11.4-x64-mingw32)
      racc (~> 1.4)
    oga (3.3)
      ast
      ruby-ll (~> 2.1)
    parallel (1.20.1)
    racc (1.5.2)
    rake (13.0.3)
    ruby-ll (2.1.2)
      ansi
      ast
    ruby-progressbar (1.11.0)
    schematron-nokogiri (0.0.3)
      nokogiri (~> 1.6)

PLATFORMS
  ruby
  x64-mingw32

DEPENDENCIES
  minitest (~> 5.9)
  minitest-reporters
  nokogiri (~> 1.11)
  oga
  parallel
  rake
  schematron-nokogiri

BUNDLED WITH
   2.2.11
